GEM
  remote: https://rubygems.org/
  specs:
    activesupport (4.1.1)
      i18n (~> 0.6, >= 0.6.9)
      json (~> 1.7, >= 1.7.7)
      minitest (~> 5.1)
      thread_safe (~> 0.1)
      tzinfo (~> 1.1)
    diff-lcs (1.2.5)
    docile (1.1.3)
    factory_girl (4.4.0)
      activesupport (>= 3.0.0)
    faker (1.3.0)
      i18n (~> 0.5)
    fastercsv (1.5.5)
    fixed_width-multibyte (0.2.3)
      activesupport
    given_core (3.5.4)
      sorcerer (>= 0.3.7)
    hash_digest (1.1.3)
      murmurhash3
    hashie (2.1.1)
    i18n (0.6.9)
    json (1.8.1)
    log4r (1.1.10)
    mini_portile (0.6.0)
    minitest (5.3.4)
    multi_json (1.10.1)
    murmurhash3 (0.1.4)
    nokogiri (1.6.2.1)
      mini_portile (= 0.6.0)
    remote_table (3.3.0)
      activesupport (>= 2.3.4)
      fastercsv (>= 1.5.0)
      fixed_width-multibyte (>= 0.2.3)
      hash_digest (>= 1.1.3)
      i18n
      roo (>= 1.11)
      unix_utils (>= 0.0.8)
    roo (1.13.2)
      nokogiri
      rubyzip
      spreadsheet (> 0.6.4)
    rspec (2.14.1)
      rspec-core (~> 2.14.0)
      rspec-expectations (~> 2.14.0)
      rspec-mocks (~> 2.14.0)
    rspec-core (2.14.8)
    rspec-expectations (2.14.5)
      diff-lcs (>= 1.1.3, < 2.0)
    rspec-given (3.5.4)
      given_core (= 3.5.4)
      rspec (>= 2.12)
    rspec-mocks (2.14.6)
    ruby-ole (1.2.11.7)
    rubyzip (1.1.3)
    sequel (4.10.0)
    simplecov (0.8.2)
      docile (~> 1.1.0)
      multi_json
      simplecov-html (~> 0.8.0)
    simplecov-html (0.8.0)
    sorcerer (1.0.2)
    spreadsheet (0.9.7)
      ruby-ole (>= 1.0)
    sqlite3 (1.3.9)
    sqlite3-ruby (1.3.3)
      sqlite3 (>= 1.3.3)
    thor (0.19.1)
    thread_safe (0.3.3)
    tzinfo (1.2.0)
      thread_safe (~> 0.1)
    unix_utils (0.0.15)

PLATFORMS
  ruby

DEPENDENCIES
  factory_girl
  faker
  fastercsv
  hashie
  log4r
  remote_table
  rspec
  rspec-given
  sequel
  simplecov
  sqlite3-ruby
  thor
